PATH
  remote: .
  specs:
    bike (0.0.5)
      bundler (~> 1.7)
      colorize (> 0)
      racc (= 1.4.12)
      rake (~> 10.0)
      ruby-terminfo (> 0)
      yard (= 0.8.7.6)

GEM
  remote: https://rubygems.org/
  specs:
    colorize (0.7.3)
    racc (1.4.12)
    rake (10.4.2)
    ruby-terminfo (0.1.1)
    yard (0.8.7.6)

PLATFORMS
  ruby

DEPENDENCIES
  bike!
